GIT
  remote: https://github.com/datamapper/devtools.git
  revision: 2b2d06d1b0b7abf8dc6c7df60b4a3eb10f5d1ae4
  specs:
    devtools (0.0.1)
      ice_nine (~> 0.7.0)

GIT
  remote: https://github.com/mbj/assets.git
  revision: 49a5329c5d8abd828165b8f8e47093d38fbead19
  specs:
    assets (0.0.1)
      abstract_type (~> 0.0.5)
      adamantium (~> 0.0.7)
      anima (~> 0.0.5)
      backports (~> 3.0, >= 3.0.3)
      coffee-script (~> 2.2.0)
      concord (~> 0.0.3)
      descendants_tracker (~> 0.0.1)
      equalizer (~> 0.0.5)
      ice_nine (~> 0.7.0)
      joy (~> 0.0.1)
      request (~> 0.0.1)
      response (~> 0.0.1)
      sass (~> 3.2.4)

GIT
  remote: https://github.com/mbj/joy.git
  revision: 65a0adbe39e7cd6b2afae724ccfe143105af5c9c
  specs:
    joy (0.0.1)
      abstract_type (~> 0.0.5)
      adamantium (~> 0.0.7)
      anima (~> 0.0.6)
      concord (~> 0.0.3)
      equalizer (~> 0.0.5)
      html (~> 0.0.1)
      ice_nine (~> 0.7.0)
      thin (~> 1.5.0)
      tilt (~> 1.3.3)

GIT
  remote: https://github.com/mbj/request.git
  revision: 76d3451f88135f2776f90e4acf72de6190b4f5db
  specs:
    request (0.0.1)
      abstract_type (~> 0.0.5)
      adamantium (~> 0.0.7)
      backports (~> 3.0, >= 3.0.3)
      concord (~> 0.0.3)
      equalizer (~> 0.0.5)
      ice_nine (~> 0.7.0)

GIT
  remote: https://github.com/mbj/response.git
  revision: 502353c3675271112f5482c8aeccaf27034d74cd
  specs:
    response (0.0.1)
      abstract_type (~> 0.0.5)
      adamantium (~> 0.0.7)
      concord (~> 0.0.3)
      equalizer (~> 0.0.5)
      ice_nine (~> 0.7.0)

GIT
  remote: https://github.com/troessner/reek.git
  revision: 6ae90badb140715577eca79107193d08a1213b5b
  specs:
    reek (1.3.1)
      ruby2ruby (~> 2.0.2)
      ruby_parser (~> 3.1.1)
      sexp_processor

GEM
  remote: https://rubygems.org/
  specs:
    abstract_type (0.0.5)
      backports (~> 3.0, >= 3.0.3)
    adamantium (0.0.7)
      backports (~> 3.0, >= 3.0.3)
      ice_nine (~> 0.7.0)
    anima (0.0.6)
      abstract_type (~> 0.0.4)
      adamantium (~> 0.0.6)
      backports (~> 3.0, >= 3.0.3)
      equalizer (~> 0.0.4)
    backports (3.3.0)
    capybara (2.0.3)
      mime-types (>= 1.16)
      nokogiri (>= 1.3.3)
      rack (>= 1.0.0)
      rack-test (>= 0.5.4)
      selenium-webdriver (~> 2.0)
      xpath (~> 1.0.0)
    childprocess (0.3.9)
      ffi (~> 1.0, >= 1.0.11)
    chunky_png (1.2.8)
    coderay (1.0.9)
    coffee-script (2.2.0)
      coffee-script-source
      execjs
    coffee-script-source (1.6.2)
    colorize (0.5.8)
    compass (0.12.2)
      chunky_png (~> 1.2)
      fssm (>= 0.2.7)
      sass (~> 3.1)
    concord (0.0.3)
      adamantium (~> 0.0.7)
      equalizer (~> 0.0.5)
    coveralls (0.6.4)
      colorize
      multi_json (~> 1.3)
      rest-client
      simplecov (>= 0.7)
      thor
    daemons (1.1.9)
    descendants_tracker (0.0.1)
    diff-lcs (1.2.2)
    equalizer (0.0.5)
      adamantium (~> 0.0.6)
      backports (~> 3.0, >= 3.0.3)
    eventmachine (1.0.3)
    execjs (1.4.0)
      multi_json (~> 1.0)
    ffi (1.6.0)
    ffi-hunspell (0.2.6)
      ffi (~> 1.0)
    flay (2.1.0)
      ruby_parser (~> 3.0)
      sexp_processor (~> 4.0)
    flog (3.2.3)
      ruby_parser (~> 3.1, > 3.1.0)
      sexp_processor (~> 4.0)
    formatador (0.2.4)
    fssm (0.2.10)
    guard (1.7.0)
      formatador (>= 0.2.4)
      listen (>= 0.6.0)
      lumberjack (>= 1.0.2)
      pry (>= 0.9.10)
      thor (>= 0.14.6)
    guard-bundler (1.0.0)
      bundler (~> 1.0)
      guard (~> 1.1)
    guard-rspec (2.5.2)
      guard (>= 1.1)
      rspec (~> 2.11)
    haml (4.0.2)
      tilt
    html (0.0.1)
      adamantium (~> 0.0.7)
      backports (~> 3.0, >= 3.0.3)
      equalizer (~> 0.0.5)
    ice_nine (0.7.0)
    inflecto (0.0.2)
    kramdown (1.0.1)
    libnotify (0.8.0)
      ffi (>= 1.0.11)
    listen (0.7.3)
    lumberjack (1.0.3)
    method_source (0.8.1)
    mime-types (1.22)
    multi_json (1.7.2)
    mutant (0.2.20)
      abstract_type (~> 0.0.3)
      adamantium (~> 0.0.7)
      backports (~> 3.0, >= 3.0.3)
      descendants_tracker (~> 0.0.1)
      diff-lcs (~> 1.2.1)
      equalizer (~> 0.0.5)
      ice_nine (~> 0.7.0)
      inflecto (~> 0.0.2)
      rspec (~> 2.13.0)
      to_source (~> 0.2.19)
    mutant-melbourne (2.0.3)
    nokogiri (1.5.9)
    pelusa (0.2.2)
    pry (0.9.12)
      coderay (~> 1.0.5)
      method_source (~> 0.8)
      slop (~> 3.4)
    rack (1.5.2)
    rack-test (0.6.2)
      rack (>= 1.0)
    rake (10.0.4)
    rb-fchange (0.0.6)
      ffi
    rb-fsevent (0.9.3)
    rb-inotify (0.9.0)
      ffi (>= 0.5.0)
    rb-notifu (0.0.4)
    rbench (0.2.3)
    rest-client (1.6.7)
      mime-types (>= 1.16)
    rspec (2.13.0)
      rspec-core (~> 2.13.0)
      rspec-expectations (~> 2.13.0)
      rspec-mocks (~> 2.13.0)
    rspec-core (2.13.1)
    rspec-expectations (2.13.0)
      diff-lcs (>= 1.1.3, < 2.0)
    rspec-mocks (2.13.1)
    ruby2ruby (2.0.4)
      ruby_parser (~> 3.1)
      sexp_processor (~> 4.0)
    ruby_parser (3.1.2)
      sexp_processor (~> 4.1)
    rubyzip (0.9.9)
    sass (3.2.7)
    selenium-webdriver (2.31.0)
      childprocess (>= 0.2.5)
      multi_json (~> 1.0)
      rubyzip
      websocket (~> 1.0.4)
    sexp_processor (4.2.0)
    simplecov (0.7.1)
      multi_json (~> 1.0)
      simplecov-html (~> 0.7.1)
    simplecov-html (0.7.1)
    slop (3.4.4)
    susy (1.0.8)
      compass (>= 0.12.2)
      sass (>= 3.2.0)
    terminal-notifier-guard (1.5.3)
    thin (1.5.1)
      daemons (>= 1.0.9)
      eventmachine (>= 0.12.6)
      rack (>= 1.0.0)
    thor (0.18.1)
    tilt (1.3.6)
    to_source (0.2.20)
      abstract_type (~> 0.0.5)
      adamantium (~> 0.0.7)
      equalizer (~> 0.0.5)
      mutant-melbourne (~> 2.0.3)
    websocket (1.0.7)
    xpath (1.0.0)
      nokogiri (~> 1.3)
    yard (0.8.5.2)
    yard-spellcheck (0.1.5)
      ffi-hunspell (~> 0.2)
      yard (~> 0.6)
    yardstick (0.9.5)
      backports (~> 3.0, >= 3.0.3)
      yard (~> 0.8.5)

PLATFORMS
  ruby

DEPENDENCIES
  anima (~> 0.0.6)
  assets!
  backports (~> 3.3, >= 3.3.0)
  capybara (~> 2.0.2)
  compass (~> 0.12.2)
  concord (~> 0.0.3)
  coveralls (~> 0.6.4)
  devtools!
  flay (~> 2.1.0)
  flog (~> 3.2.3)
  guard (~> 1.7.0)
  guard-bundler (~> 1.0.0)
  guard-rspec (~> 2.5.2)
  haml (~> 4.0.0)
  html (~> 0.0.1)
  joy!
  jruby-openssl (~> 0.8.5)
  kramdown (~> 1.0.1)
  libnotify (~> 0.8.0)
  listen (~> 0.7.3)
  mutant (~> 0.2.20)
  pelusa (~> 0.2.2)
  rake (~> 10.0.4)
  rb-fchange (~> 0.0.6)
  rb-fsevent (~> 0.9.3)
  rb-inotify (~> 0.9.0)
  rb-notifu (~> 0.0.4)
  rbench (~> 0.2.3)
  reek (~> 1.3.1)!
  request!
  response!
  rspec (~> 2.13.0)
  simplecov (~> 0.7.1)
  susy (~> 1.0.5)
  terminal-notifier-guard (~> 1.5.3)
  yard (~> 0.8.5.2)
  yard-spellcheck (~> 0.1.5)
  yardstick (~> 0.9.5)
