GIT
  remote: https://github.com/datamapper/devtools.git
  revision: f083fafbfb25c9d850634cd5f2e06e2a5878a87c
  specs:
    devtools (0.0.1)

GIT
  remote: https://github.com/mbj/anima.git
  revision: 72ad887faa1548be8f0c5df4ce788f0dbdb49027
  specs:
    anima (0.0.6)
      abstract_type (~> 0.0.4)
      adamantium (~> 0.0.6)
      backports (~> 3.0, >= 3.0.3)
      equalizer (~> 0.0.4)

GIT
  remote: https://github.com/mbj/assets-vendor.git
  revision: 8b2866f7b18c06de16fde665944ca8a357cd41db
  specs:
    assets-vendor (0.0.1)
      assets (~> 0.0.1)

GIT
  remote: https://github.com/mbj/assets.git
  revision: 504b903465fe963f78f7b3eeb18ebd959865ae3d
  specs:
    assets (0.0.1)
      abstract_type (~> 0.0.5)
      adamantium (~> 0.0.7)
      anima (~> 0.0.5)
      backports (~> 3.0, >= 3.0.3)
      coffee-script (~> 2.2.0)
      composition (~> 0.0.1)
      descendants_tracker (~> 0.0.1)
      equalizer (~> 0.0.5)
      ice_nine (~> 0.7.0)
      joy (~> 0.0.1)
      request (~> 0.0.1)
      response (~> 0.0.1)
      sass (~> 3.2.4)

GIT
  remote: https://github.com/mbj/composition.git
  revision: 6e93f8bbf89a396ef1d7627e2bedbf82c3b2865a
  specs:
    composition (0.0.1)
      adamantium (~> 0.0.7)
      backports (~> 3.0.3)
      equalizer (~> 0.0.5)

GIT
  remote: https://github.com/mbj/html.git
  revision: c61ca0d595ac6cfe24aa95c57551d6098ea05c3a
  specs:
    html (0.0.1)
      adamantium (~> 0.0.7)
      backports (~> 3.0, >= 3.0.3)
      equalizer (~> 0.0.5)

GIT
  remote: https://github.com/mbj/joy.git
  revision: ba619c3192b5dbc9f98a395c3a081530205026e8
  specs:
    joy (0.0.1)
      abstract_type (~> 0.0.5)
      adamantium (~> 0.0.7)
      equalizer (~> 0.0.5)
      html (~> 0.0.1)
      ice_nine (~> 0.7.0)
      thin (~> 1.5.0)
      tilt (~> 1.3.3)

GIT
  remote: https://github.com/mbj/request.git
  revision: f019a8e9644a142a45984ea04a447c3de617c340
  specs:
    request (0.0.1)
      abstract_type (~> 0.0.5)
      adamantium (~> 0.0.7)
      backports (~> 3.0, >= 3.0.3)
      composition (~> 0.0.1)
      equalizer (~> 0.0.5)
      ice_nine (~> 0.7.0)

GIT
  remote: https://github.com/mbj/response.git
  revision: 0975a8a3686d376ae6f6b24bcf6eb965af85b638
  specs:
    response (0.0.1)
      abstract_type (~> 0.0.5)
      adamantium (~> 0.0.7)
      composition (~> 0.0.1)
      equalizer (~> 0.0.5)
      ice_nine (~> 0.7.0)

GEM
  remote: https://rubygems.org/
  specs:
    abstract_type (0.0.5)
      backports (~> 3.0, >= 3.0.3)
    adamantium (0.0.7)
      backports (~> 3.0, >= 3.0.3)
      ice_nine (~> 0.7.0)
    backports (3.0.3)
    chunky_png (1.2.7)
    coderay (1.0.9)
    coffee-script (2.2.0)
      coffee-script-source
      execjs
    coffee-script-source (1.5.0)
    compass (0.12.2)
      chunky_png (~> 1.2)
      fssm (>= 0.2.7)
      sass (~> 3.1)
    daemons (1.1.9)
    descendants_tracker (0.0.1)
    diff-lcs (1.2.1)
    equalizer (0.0.5)
      adamantium (~> 0.0.6)
      backports (~> 3.0, >= 3.0.3)
    eventmachine (1.0.1)
    execjs (1.4.0)
      multi_json (~> 1.0)
    ffi (1.4.0)
    ffi-hunspell (0.2.6)
      ffi (~> 1.0)
    flay (2.1.0)
      ruby_parser (~> 3.0)
      sexp_processor (~> 4.0)
    flog (3.2.2)
      ruby_parser (~> 3.1, > 3.1.0)
      sexp_processor (~> 4.0)
    fssm (0.2.10)
    guard (1.6.2)
      listen (>= 0.6.0)
      lumberjack (>= 1.0.2)
      pry (>= 0.9.10)
      terminal-table (>= 1.4.3)
      thor (>= 0.14.6)
    guard-bundler (1.0.0)
      bundler (~> 1.0)
      guard (~> 1.1)
    guard-rspec (2.4.1)
      guard (>= 1.1)
      rspec (~> 2.11)
    haml (4.0.0)
      tilt
    ice_nine (0.7.0)
    inflecto (0.0.2)
    kramdown (0.14.2)
    libnotify (0.8.0)
      ffi (>= 1.0.11)
    listen (0.7.3)
    lumberjack (1.0.2)
    method_source (0.8.1)
    metric_fu-roodi (2.2.1)
      ruby_parser
    multi_json (1.6.1)
    mutant (0.2.20)
      abstract_type (~> 0.0.3)
      adamantium (~> 0.0.7)
      backports (~> 3.0, >= 3.0.3)
      descendants_tracker (~> 0.0.1)
      diff-lcs (~> 1.2.1)
      equalizer (~> 0.0.5)
      ice_nine (~> 0.7.0)
      inflecto (~> 0.0.2)
      rspec (~> 2.13.0)
      to_source (~> 0.2.19)
    mutant-melbourne (2.0.3)
    pelusa (0.2.2)
    pry (0.9.12)
      coderay (~> 1.0.5)
      method_source (~> 0.8)
      slop (~> 3.4)
    rack (1.5.2)
    rake (10.0.3)
    rb-fchange (0.0.6)
      ffi
    rb-fsevent (0.9.3)
    rb-inotify (0.9.0)
      ffi (>= 0.5.0)
    rb-notifu (0.0.4)
    rbench (0.2.3)
    reek (1.3.1)
      ruby2ruby (~> 2.0.2)
      ruby_parser (~> 3.1.1)
      sexp_processor
    rspec (2.13.0)
      rspec-core (~> 2.13.0)
      rspec-expectations (~> 2.13.0)
      rspec-mocks (~> 2.13.0)
    rspec-core (2.13.0)
    rspec-expectations (2.13.0)
      diff-lcs (>= 1.1.3, < 2.0)
    rspec-mocks (2.13.0)
    ruby2ruby (2.0.3)
      ruby_parser (~> 3.1)
      sexp_processor (~> 4.0)
    ruby_parser (3.1.1)
      sexp_processor (~> 4.1)
    sass (3.2.6)
    sexp_processor (4.1.5)
    simplecov (0.7.1)
      multi_json (~> 1.0)
      simplecov-html (~> 0.7.1)
    simplecov-html (0.7.1)
    slop (3.4.3)
    susy (1.0.5)
      compass (>= 0.12.2)
      sass (>= 3.2.0)
    terminal-notifier-guard (1.5.3)
    terminal-table (1.4.5)
    thin (1.5.0)
      daemons (>= 1.0.9)
      eventmachine (>= 0.12.6)
      rack (>= 1.0.0)
    thor (0.17.0)
    tilt (1.3.4)
    to_source (0.2.19)
      abstract_type (~> 0.0.5)
      adamantium (~> 0.0.7)
      equalizer (~> 0.0.5)
      mutant-melbourne (~> 2.0.3)
    yard (0.8.5.2)
    yard-spellcheck (0.1.5)
      ffi-hunspell (~> 0.2)
      yard (~> 0.6)
    yardstick (0.9.4)
      backports (~> 3.0, >= 3.0.3)
      yard (~> 0.8.5)

PLATFORMS
  ruby

DEPENDENCIES
  anima!
  assets!
  assets-vendor!
  compass
  composition!
  devtools!
  flay (~> 2.1.0)
  flog (~> 3.2.2)
  guard (~> 1.6.2)
  guard-bundler (~> 1.0.0)
  guard-rspec (~> 2.4.1)
  haml
  html!
  joy!
  jruby-openssl (~> 0.8.2)
  kramdown (~> 0.14.2)
  libnotify (~> 0.8.0)
  listen (~> 0.7.3)
  metric_fu-roodi (~> 2.2.1)
  mutant (~> 0.2.17)
  pelusa (~> 0.2.2)
  rake (~> 10.0.3)
  rb-fchange (~> 0.0.6)
  rb-fsevent (~> 0.9.3)
  rb-inotify (~> 0.9.0)
  rb-notifu (~> 0.0.4)
  rbench (~> 0.2.3)
  reek (~> 1.3.1)
  request!
  response!
  rspec (~> 2.13.0)
  simplecov (~> 0.7.1)
  susy
  terminal-notifier-guard (~> 1.5.3)
  yard (~> 0.8.5)
  yard-spellcheck (~> 0.1.5)
  yardstick (~> 0.9.3)
