GIT
  remote: https://github.com/datamapper/devtools.git
  revision: 82dc517521e302303c874254ed0a64c5ab890b59
  specs:
    devtools (0.0.1)
      ice_nine (~> 0.7.0)

GIT
  remote: https://github.com/mbj/assets.git
  revision: b78b12ad5e8c406912a620128f3f1adb81d878dc
  specs:
    assets (0.0.2)
      abstract_type (~> 0.0.5)
      adamantium (~> 0.0.7)
      anima (~> 0.0.5)
      backports (~> 3.0, >= 3.0.3)
      coffee-script (~> 2.2.0)
      concord (~> 0.1.1)
      descendants_tracker (~> 0.0.1)
      equalizer (~> 0.0.5)
      ice_nine (~> 0.7.0)
      joy (~> 0.0.1)
      request (~> 0.0.2)
      response (~> 0.0.2)
      sass (~> 3.2.4)
      yui-compressor (~> 0.9.6)

GIT
  remote: https://github.com/mbj/joy.git
  revision: 88fcab126490f570e30277248f7feca440f11502
  specs:
    joy (0.0.2)
      abstract_type (~> 0.0.5)
      adamantium (~> 0.0.7)
      anima (~> 0.0.6)
      concord (~> 0.1.0)
      equalizer (~> 0.0.5)
      html (~> 0.0.1)
      ice_nine (~> 0.7.0)
      request (~> 0.0.2)
      response (~> 0.0.2)
      thin (~> 1.5.0)
      tilt (~> 1.4.1)

GIT
  remote: https://github.com/troessner/reek.git
  revision: b8dafb878898a24b6637829a5a957d69b9771b0e
  specs:
    reek (1.3.1)
      ruby2ruby (~> 2.0.2)
      ruby_parser (~> 3.1.1)
      sexp_processor

GEM
  remote: https://rubygems.org/
  specs:
    POpen4 (0.1.4)
      Platform (>= 0.4.0)
      open4
    Platform (0.4.0)
    abstract_type (0.0.5)
      backports (~> 3.0, >= 3.0.3)
    adamantium (0.0.7)
      backports (~> 3.0, >= 3.0.3)
      ice_nine (~> 0.7.0)
    anima (0.0.6)
      abstract_type (~> 0.0.4)
      adamantium (~> 0.0.6)
      backports (~> 3.0, >= 3.0.3)
      equalizer (~> 0.0.4)
    backports (3.3.2)
    capybara (2.1.0)
      mime-types (>= 1.16)
      nokogiri (>= 1.3.3)
      rack (>= 1.0.0)
      rack-test (>= 0.5.4)
      xpath (~> 2.0)
    chunky_png (1.2.8)
    coderay (1.0.9)
    coffee-script (2.2.0)
      coffee-script-source
      execjs
    coffee-script-source (1.6.2)
    colorize (0.5.8)
    compass (0.12.2)
      chunky_png (~> 1.2)
      fssm (>= 0.2.7)
      sass (~> 3.1)
    concord (0.1.1)
      adamantium (~> 0.0.7)
      equalizer (~> 0.0.5)
    coveralls (0.6.7)
      colorize
      multi_json (~> 1.3)
      rest-client
      simplecov (>= 0.7)
      thor
    daemons (1.1.9)
    descendants_tracker (0.0.1)
    diff-lcs (1.2.4)
    equalizer (0.0.5)
      adamantium (~> 0.0.6)
      backports (~> 3.0, >= 3.0.3)
    eventmachine (1.0.3)
    execjs (1.4.0)
      multi_json (~> 1.0)
    ffi (1.9.0)
    ffi-hunspell (0.3.0)
      ffi (~> 1.0)
    flay (2.2.0)
      ruby_parser (~> 3.0)
      sexp_processor (~> 4.0)
    flog (4.0.0)
      ruby_parser (~> 3.1, > 3.1.0)
      sexp_processor (~> 4.0)
    formatador (0.2.4)
    fssm (0.2.10)
    guard (1.8.1)
      formatador (>= 0.2.4)
      listen (>= 1.0.0)
      lumberjack (>= 1.0.2)
      pry (>= 0.9.10)
      thor (>= 0.14.6)
    guard-bundler (1.0.0)
      bundler (~> 1.0)
      guard (~> 1.1)
    guard-rspec (2.5.4)
      guard (>= 1.1)
      rspec (~> 2.11)
    haml (4.0.3)
      tilt
    html (0.0.1)
      adamantium (~> 0.0.7)
      backports (~> 3.0, >= 3.0.3)
      equalizer (~> 0.0.5)
    ice_nine (0.7.0)
    inflecto (0.0.2)
    kramdown (1.0.2)
    libnotify (0.8.0)
      ffi (>= 1.0.11)
    listen (1.0.3)
      rb-fsevent (>= 0.9.3)
      rb-inotify (>= 0.9)
      rb-kqueue (>= 0.2)
    lumberjack (1.0.3)
    method_source (0.8.1)
    mime-types (1.23)
    mini_portile (0.5.0)
    multi_json (1.7.7)
    mutant (0.2.20)
      abstract_type (~> 0.0.3)
      adamantium (~> 0.0.7)
      backports (~> 3.0, >= 3.0.3)
      descendants_tracker (~> 0.0.1)
      diff-lcs (~> 1.2.1)
      equalizer (~> 0.0.5)
      ice_nine (~> 0.7.0)
      inflecto (~> 0.0.2)
      rspec (~> 2.13.0)
      to_source (~> 0.2.19)
    mutant-melbourne (2.0.3)
    nokogiri (1.6.0)
      mini_portile (~> 0.5.0)
    open4 (1.3.0)
    pelusa (0.2.2)
    pry (0.9.12.2)
      coderay (~> 1.0.5)
      method_source (~> 0.8)
      slop (~> 3.4)
    rack (1.5.2)
    rack-test (0.6.2)
      rack (>= 1.0)
    rake (10.0.4)
    rb-fchange (0.0.6)
      ffi
    rb-fsevent (0.9.3)
    rb-inotify (0.9.0)
      ffi (>= 0.5.0)
    rb-kqueue (0.2.0)
      ffi (>= 0.5.0)
    rb-notifu (0.0.4)
    rbench (0.2.3)
    request (0.0.3)
      abstract_type (~> 0.0.5)
      adamantium (~> 0.0.7)
      backports (~> 3.0, >= 3.0.3)
      concord (~> 0.1.0)
      equalizer (~> 0.0.5)
      ice_nine (~> 0.7.0)
    response (0.0.2)
      abstract_type (~> 0.0.5)
      adamantium (~> 0.0.7)
      concord (~> 0.1.0)
      equalizer (~> 0.0.5)
      ice_nine (~> 0.7.0)
    rest-client (1.6.7)
      mime-types (>= 1.16)
    rspec (2.13.0)
      rspec-core (~> 2.13.0)
      rspec-expectations (~> 2.13.0)
      rspec-mocks (~> 2.13.0)
    rspec-core (2.13.1)
    rspec-expectations (2.13.0)
      diff-lcs (>= 1.1.3, < 2.0)
    rspec-mocks (2.13.1)
    ruby2ruby (2.0.5)
      ruby_parser (~> 3.1)
      sexp_processor (~> 4.0)
    ruby_parser (3.1.3)
      sexp_processor (~> 4.1)
    sass (3.2.9)
    sexp_processor (4.2.1)
    simplecov (0.7.1)
      multi_json (~> 1.0)
      simplecov-html (~> 0.7.1)
    simplecov-html (0.7.1)
    slop (3.4.5)
    susy (1.0.8)
      compass (>= 0.12.2)
      sass (>= 3.2.0)
    terminal-notifier-guard (1.5.3)
    thin (1.5.1)
      daemons (>= 1.0.9)
      eventmachine (>= 0.12.6)
      rack (>= 1.0.0)
    thor (0.18.1)
    tilt (1.4.1)
    to_source (0.2.20)
      abstract_type (~> 0.0.5)
      adamantium (~> 0.0.7)
      equalizer (~> 0.0.5)
      mutant-melbourne (~> 2.0.3)
    xpath (2.0.0)
      nokogiri (~> 1.3)
    yard (0.8.6.1)
    yard-spellcheck (0.1.5)
      ffi-hunspell (~> 0.2)
      yard (~> 0.6)
    yardstick (0.9.6)
      backports (~> 3.3, >= 3.3.0)
      yard (~> 0.8, >= 0.8.6)
    yui-compressor (0.9.6)
      POpen4 (>= 0.1.4)

PLATFORMS
  ruby

DEPENDENCIES
  anima (~> 0.0.6)
  assets!
  backports (~> 3.3, >= 3.3.0)
  capybara (~> 2.1.0)
  compass (~> 0.12.2)
  concord (~> 0.1.1)
  coveralls (~> 0.6.6)
  devtools!
  flay (~> 2.2.0)
  flog (~> 4.0.0)
  guard (~> 1.8.0)
  guard-bundler (~> 1.0.0)
  guard-rspec (~> 2.5.4)
  haml (~> 4.0.0)
  html (~> 0.0.1)
  joy!
  jruby-openssl (~> 0.8.5)
  kramdown (~> 1.0.1)
  libnotify (~> 0.8.0)
  listen (~> 1.0.2)
  mutant (~> 0.2.20)
  pelusa (~> 0.2.2)
  rake (~> 10.0.4)
  rb-fchange (~> 0.0.6)
  rb-fsevent (~> 0.9.3)
  rb-inotify (~> 0.9.0)
  rb-notifu (~> 0.0.4)
  rbench (~> 0.2.3)
  reek (~> 1.3.1)!
  request (~> 0.0.3)
  response (~> 0.0.2)
  rspec (~> 2.13.0)
  simplecov (~> 0.7.1)
  susy (~> 1.0.5)
  terminal-notifier-guard (~> 1.5.3)
  thor (~> 0.18.1)
  yard (~> 0.8.6.1)
  yard-spellcheck (~> 0.1.5)
  yardstick (~> 0.9.6)
